GEM
  remote: https://rubygems.org/
  specs:
    addressable (2.5.1)
      public_suffix (~> 2.0, >= 2.0.2)
    amazon-ec2 (0.9.17)
      xml-simple (>= 1.0.12)
    aws-sdk (2.9.39)
      aws-sdk-resources (= 2.9.39)
    aws-sdk-core (2.9.39)
      aws-sigv4 (~> 1.0)
      jmespath (~> 1.0)
    aws-sdk-resources (2.9.39)
      aws-sdk-core (= 2.9.39)
    aws-sigv4 (1.0.0)
    azure (0.7.9)
      addressable (~> 2.3)
      azure-core (~> 0.1)
      faraday (~> 0.9)
      faraday_middleware (~> 0.10)
      mime-types (>= 1, < 4.0)
      nokogiri (~> 1.7)
      systemu (~> 2.6)
      thor (~> 0.19)
    azure-core (0.1.8)
      faraday (~> 0.9)
      faraday_middleware (~> 0.10)
      nokogiri (~> 1.7)
    builder (3.2.3)
    configparser (0.1.6)
    curb (0.9.3)
    daemons (1.2.4)
    eventmachine (1.2.3)
    faraday (0.12.1)
      multipart-post (>= 1.2, < 3)
    faraday_middleware (0.11.0.1)
      faraday (>= 0.7.4, < 1.0)
    hashie (3.5.5)
    inflection (1.0.0)
    jmespath (1.3.1)
    memcache-client (1.8.5)
    mime-types (2.99.3)
    mini_portile2 (2.2.0)
    multipart-post (2.0.0)
    mustermann (1.0.0)
    mysql2 (0.4.6)
    net-ldap (0.12.1)
    nokogiri (1.8.0)
      mini_portile2 (~> 2.2.0)
    ox (2.5.0)
    parse-cron (0.1.4)
    polyglot (0.3.5)
    public_suffix (2.0.5)
    rack (2.0.3)
    rack-protection (2.0.0)
      rack
    scrub_rb (1.0.1)
    sequel (4.47.0)
    sinatra (2.0.0)
      mustermann (~> 1.0)
      rack (~> 2.0)
      rack-protection (= 2.0.0)
      tilt (~> 2.0)
    sqlite3 (1.3.13)
    systemu (2.6.5)
    thin (1.7.1)
      daemons (~> 1.0, >= 1.0.9)
      eventmachine (~> 1.0, >= 1.0.4)
      rack (>= 1, < 3)
    thor (0.19.4)
    tilt (2.0.7)
    treetop (1.6.8)
      polyglot (~> 0.3)
    trollop (2.1.2)
    uuidtools (2.1.5)
    xml-simple (1.1.5)
    zendesk_api (1.13.4)
      faraday (~> 0.9)
      hashie (>= 1.2, < 4.0, != 3.3.0)
      inflection
      mime-types (~> 2.99)
      multipart-post (~> 2.0)
      scrub_rb (~> 1.0.1)

PLATFORMS
  ruby

DEPENDENCIES
  amazon-ec2
  aws-sdk (~> 2.5)
  azure
  builder
  configparser
  curb
  memcache-client
  mysql2
  net-ldap (< 0.13)
  nokogiri
  ox
  parse-cron
  rack
  sequel
  sinatra
  sqlite3
  thin
  treetop (>= 1.6.3)
  trollop
  uuidtools
  zendesk_api (< 1.14.0)

BUNDLED WITH
   1.15.1
