GEM
  remote: http://rubygems.org/
  specs:
    json (1.7.3)
    parse-cron (0.1.2)
    polyglot (0.3.3)
    rack (1.4.1)
    rack-protection (1.2.0)
      rack
    sinatra (1.3.2)
      rack (~> 1.3, >= 1.3.6)
      rack-protection (~> 1.2)
      tilt (~> 1.3, >= 1.3.3)
    tilt (1.3.3)
    treetop (>= 1.6.3)
      polyglot
      polyglot (>= 0.3.1)
    xml-simple (1.1.1)

PLATFORMS
  ruby

DEPENDENCIES
  json
  parse-cron
  sinatra
  treetop
  xml-simple
