GEM
  remote: https://rubygems.org/
  specs:
    activesupport (4.2.11.1)
      i18n (~> 0.7)
      minitest (~> 5.1)
      thread_safe (~> 0.3, >= 0.3.4)
      tzinfo (~> 1.1)
    addressable (2.7.0)
      public_suffix (>= 2.0.2, < 5.0)
    amazon-ec2 (0.9.17)
      xml-simple (>= 1.0.12)
    aws-eventstream (1.0.3)
    aws-sdk (2.11.387)
      aws-sdk-resources (= 2.11.387)
    aws-sdk-core (2.11.387)
      aws-sigv4 (~> 1.0)
      jmespath (~> 1.0)
    aws-sdk-resources (2.11.387)
      aws-sdk-core (= 2.11.387)
    aws-sigv4 (1.1.0)
      aws-eventstream (~> 1.0, >= 1.0.2)
    azure (0.7.10)
      addressable (~> 2.3)
      azure-core (~> 0.1)
      faraday (~> 0.9)
      faraday_middleware (~> 0.10)
      mime-types (>= 1, < 4.0)
      nokogiri (~> 1.6)
      systemu (~> 2.6)
      thor (~> 0.19)
    azure-core (0.1.15)
      faraday (~> 0.9)
      faraday_middleware (~> 0.10)
      nokogiri (~> 1.6)
    builder (3.2.3)
    chunky_png (1.3.11)
    concurrent-ruby (1.1.5)
    configparser (0.1.7)
    curb (0.9.10)
    daemons (1.3.1)
    dalli (2.7.10)
    eventmachine (1.2.7)
    faraday (0.17.0)
      multipart-post (>= 1.2, < 3)
    faraday_middleware (0.13.1)
      faraday (>= 0.7.4, < 1.0)
    ffi (1.11.1)
    ffi-rzmq (2.0.7)
      ffi-rzmq-core (>= 1.0.7)
    ffi-rzmq-core (1.0.7)
      ffi
    hashie (3.6.0)
    highline (1.7.10)
    i18n (0.9.5)
      concurrent-ruby (~> 1.0)
    inflection (1.0.0)
    ipaddress (0.8.3)
    jmespath (1.4.0)
    memcache-client (1.8.5)
    mime-types (3.3)
      mime-types-data (~> 3.2015)
    mime-types-data (3.2019.1009)
    mini_portile2 (2.1.0)
    minitest (5.11.3)
    multipart-post (2.1.1)
    mysql2 (0.5.2)
    net-ldap (0.16.1)
    nokogiri (1.6.8.1)
      mini_portile2 (~> 2.1.0)
    ox (2.11.0)
    parse-cron (0.1.4)
    polyglot (0.3.5)
    public_suffix (2.0.5)
    rack (1.6.11)
    rack-protection (1.5.5)
      rack
    rotp (5.1.0)
      addressable (~> 2.5)
    rqrcode (0.10.1)
      chunky_png (~> 1.0)
    scrub_rb (1.0.1)
    sequel (5.25.0)
    sinatra (1.4.8)
      rack (~> 1.5)
      rack-protection (~> 1.4)
      tilt (>= 1.3, < 3)
    sqlite3 (1.4.1)
    systemu (2.6.5)
    thin (1.7.2)
      daemons (~> 1.0, >= 1.0.9)
      eventmachine (~> 1.0, >= 1.0.4)
      rack (>= 1, < 3)
    thor (0.20.3)
    thread_safe (0.3.6)
    tilt (2.0.10)
    treetop (1.6.10)
      polyglot (~> 0.3)
    trollop (2.9.9)
    tzinfo (1.2.5)
      thread_safe (~> 0.1)
    uuidtools (2.1.5)
    xml-simple (1.1.5)
    zendesk_api (1.16.0)
      faraday (~> 0.9)
      hashie (>= 3.5.2, < 4.0.0)
      inflection
      mime-types
      multipart-post (~> 2.0)

PLATFORMS
  ruby

DEPENDENCIES
  activesupport (~> 4.2)
  amazon-ec2
  aws-sdk (~> 2.5)
  azure
  builder
  configparser
  curb
  dalli
  faraday (~> 0.15)
  faraday_middleware (~> 0.12)
  ffi-rzmq (~> 2.0.7)
  highline (~> 1.7)
  i18n (~> 0.9)
  ipaddress (~> 0.8.3)
  memcache-client
  minitest (< 5.12.0)
  mysql2
  net-ldap
  nokogiri (< 1.7)
  ox
  parse-cron
  public_suffix (< 3.0.0)
  rack (< 2.0.0)
  rotp
  rqrcode (< 1.0.0)
  scrub_rb
  sequel
  sinatra
  sqlite3
  thin
  treetop (>= 1.6.3)
  trollop
  uuidtools
  zendesk_api (< 1.17.0)

BUNDLED WITH
   1.17.3
