GEM
  remote: https://rubygems.org/
  specs:
    activesupport (4.2.11.3)
      i18n (~> 0.7)
      minitest (~> 5.1)
      thread_safe (~> 0.3, >= 0.3.4)
      tzinfo (~> 1.1)
    amazon-ec2 (0.9.17)
      xml-simple (>= 1.0.12)
    android_key_attestation (0.3.0)
    augeas (0.6.4)
    awrence (1.1.1)
    aws-eventstream (1.1.0)
    aws-partitions (1.391.0)
    aws-sdk-cloudwatch (1.46.0)
      aws-sdk-core (~> 3, >= 3.109.0)
      aws-sigv4 (~> 1.1)
    aws-sdk-core (3.109.2)
      aws-eventstream (~> 1, >= 1.0.2)
      aws-partitions (~> 1, >= 1.239.0)
      aws-sigv4 (~> 1.1)
      jmespath (~> 1.0)
    aws-sdk-ec2 (1.209.0)
      aws-sdk-core (~> 3, >= 3.109.0)
      aws-sigv4 (~> 1.1)
    aws-sdk-kms (1.39.0)
      aws-sdk-core (~> 3, >= 3.109.0)
      aws-sigv4 (~> 1.1)
    aws-sdk-s3 (1.84.1)
      aws-sdk-core (~> 3, >= 3.109.0)
      aws-sdk-kms (~> 1)
      aws-sigv4 (~> 1.1)
    aws-sigv4 (1.2.2)
      aws-eventstream (~> 1, >= 1.0.2)
    azure_mgmt_compute (0.20.0)
      ms_rest_azure (~> 0.12.0)
    azure_mgmt_monitor (0.17.6)
      ms_rest_azure (~> 0.12.0)
    azure_mgmt_network (0.24.1)
      ms_rest_azure (~> 0.12.0)
    azure_mgmt_resources (0.18.0)
      ms_rest_azure (~> 0.12.0)
    azure_mgmt_storage (0.22.0)
      ms_rest_azure (~> 0.12.0)
    bindata (2.4.8)
    builder (3.2.4)
    cbor (0.5.9.6)
    chunky_png (1.3.14)
    concurrent-ruby (1.1.7)
    configparser (0.1.7)
    cose (1.2.0)
      cbor (~> 0.5.9)
      openssl-signature_algorithm (~> 1.0)
    curb (0.9.11)
    daemons (1.3.1)
    dalli (2.7.11)
    domain_name (0.5.20190701)
      unf (>= 0.0.5, < 1.0.0)
    eventmachine (1.2.7)
    faraday (0.17.3)
      multipart-post (>= 1.2, < 3)
    faraday-cookie_jar (0.0.7)
      faraday (>= 0.8.0)
      http-cookie (~> 1.0.0)
    faraday_middleware (0.14.0)
      faraday (>= 0.7.4, < 1.0)
    ffi (1.13.1)
    ffi-rzmq (2.0.7)
      ffi-rzmq-core (>= 1.0.7)
    ffi-rzmq-core (1.0.7)
      ffi
    git (1.7.0)
      rchardet (~> 1.8)
    gnuplot (2.6.2)
    hashie (4.1.0)
    highline (1.7.10)
    http-cookie (1.0.3)
      domain_name (~> 0.5)
    i18n (0.9.5)
      concurrent-ruby (~> 1.0)
    inflection (1.0.0)
    ipaddress (0.8.3)
    jmespath (1.4.0)
    json (2.3.1)
    jwt (2.2.2)
    memcache-client (1.8.5)
    mime-types (3.3.1)
      mime-types-data (~> 3.2015)
    mime-types-data (3.2020.1104)
    mini_portile2 (2.4.0)
    minitest (5.14.2)
    ms_rest (0.7.6)
      concurrent-ruby (~> 1.0)
      faraday (>= 0.9, < 2.0.0)
      timeliness (~> 0.3.10)
    ms_rest_azure (0.12.0)
      concurrent-ruby (~> 1.0)
      faraday (>= 0.9, < 2.0.0)
      faraday-cookie_jar (~> 0.0.6)
      ms_rest (~> 0.7.6)
    multipart-post (2.1.1)
    mustermann (1.1.1)
      ruby2_keywords (~> 0.0.1)
    mysql2 (0.5.3)
    net-ldap (0.16.3)
    nokogiri (1.10.10)
      mini_portile2 (~> 2.4.0)
    openssl (2.2.0)
    openssl-signature_algorithm (1.0.0)
    optimist (3.0.1)
    ox (2.13.4)
    parse-cron (0.1.4)
    pg (1.2.3)
    polyglot (0.3.5)
    public_suffix (4.0.6)
    rack (2.2.3)
    rack-protection (2.1.0)
      rack
    rbvmomi (2.2.0)
      builder (~> 3.0)
      json (>= 1.8)
      nokogiri (~> 1.5)
      optimist (~> 3.0)
    rchardet (1.8.0)
    rotp (6.2.0)
    rqrcode (1.1.2)
      chunky_png (~> 1.0)
      rqrcode_core (~> 0.1)
    rqrcode_core (0.1.2)
    ruby2_keywords (0.0.2)
    safety_net_attestation (0.4.0)
      jwt (~> 2.0)
    securecompare (1.0.0)
    sequel (5.38.0)
    sinatra (2.1.0)
      mustermann (~> 1.0)
      rack (~> 2.2)
      rack-protection (= 2.1.0)
      tilt (~> 2.0)
    sqlite3 (1.4.2)
    thin (1.7.2)
      daemons (~> 1.0, >= 1.0.9)
      eventmachine (~> 1.0, >= 1.0.4)
      rack (>= 1, < 3)
    thread_safe (0.3.6)
    tilt (2.0.10)
    timeliness (0.3.10)
    tpm-key_attestation (0.10.0)
      bindata (~> 2.4)
      openssl-signature_algorithm (~> 1.0)
    treetop (1.6.11)
      polyglot (~> 0.3)
    tzinfo (1.2.8)
      thread_safe (~> 0.1)
    unf (0.1.4)
      unf_ext
    unf_ext (0.0.7.7)
    uuidtools (2.2.0)
    vsphere-automation-cis (0.4.7)
      vsphere-automation-runtime (~> 0.4.6)
    vsphere-automation-runtime (0.4.7)
    vsphere-automation-vcenter (0.4.7)
      vsphere-automation-cis (~> 0.4.6)
      vsphere-automation-runtime (~> 0.4.6)
    webauthn (2.4.0)
      android_key_attestation (~> 0.3.0)
      awrence (~> 1.1)
      bindata (~> 2.4)
      cbor (~> 0.5.9)
      cose (~> 1.1)
      openssl (~> 2.0)
      safety_net_attestation (~> 0.4.0)
      securecompare (~> 1.0)
      tpm-key_attestation (~> 0.10.0)
    xml-simple (1.1.5)
    xmlrpc (0.3.0)
    zendesk_api (1.28.0)
      faraday (>= 0.9.0, < 2.0.0)
      hashie (>= 3.5.2, < 5.0.0)
      inflection
      mime-types
      multipart-post (~> 2.0)

PLATFORMS
  ruby

DEPENDENCIES
  activesupport (~> 4.2)
  amazon-ec2
  augeas (~> 0.6)
  aws-sdk-cloudwatch
  aws-sdk-ec2 (>= 1.151)
  aws-sdk-s3
  azure_mgmt_compute
  azure_mgmt_monitor
  azure_mgmt_network
  azure_mgmt_resources
  azure_mgmt_storage
  configparser
  curb
  dalli
  faraday (~> 0.15)
  faraday_middleware (~> 0.12)
  ffi-rzmq (~> 2.0.7)
  git (~> 1.5)
  gnuplot
  highline (~> 1.7)
  i18n (~> 0.9)
  ipaddress (~> 0.8.3)
  json
  memcache-client
  minitest
  mysql2
  net-ldap
  nokogiri
  ox
  parse-cron
  pg
  public_suffix
  rack
  rbvmomi (~> 2.2.0)
  rotp
  rqrcode
  sequel
  sinatra
  sqlite3
  thin
  treetop (>= 1.6.3)
  uuidtools
  vsphere-automation-cis (~> 0.4.6)
  vsphere-automation-vcenter (~> 0.4.6)
  webauthn
  xmlrpc
  zendesk_api

RUBY VERSION
   ruby 2.7.2p137

BUNDLED WITH
   1.17.3
