GEM
  remote: https://rubygems.org/
  specs:
    addressable (2.4.0)
    amazon-ec2 (0.9.17)
      xml-simple (>= 1.0.12)
    aws-sdk (2.5.10)
      aws-sdk-resources (= 2.5.10)
    aws-sdk-core (2.5.10)
      jmespath (~> 1.0)
    aws-sdk-resources (2.5.10)
      aws-sdk-core (= 2.5.10)
    azure (0.7.6)
      addressable (~> 2.3)
      azure-core (~> 0.1)
      faraday (~> 0.9)
      faraday_middleware (~> 0.10)
      json (~> 1.8)
      mime-types (>= 1, < 3.0)
      nokogiri (~> 1.6)
      systemu (~> 2.6)
      thor (~> 0.19)
    azure-core (0.1.4)
      faraday (~> 0.9)
      faraday_middleware (~> 0.10)
      nokogiri (~> 1.6)
    builder (3.2.2)
    configparser (0.1.4)
    curb (0.9.3)
    daemons (1.2.4)
    eventmachine (1.2.0.1)
    faraday (0.9.2)
      multipart-post (>= 1.2, < 3)
    faraday_middleware (0.10.0)
      faraday (>= 0.7.4, < 0.10)
    hashie (3.4.4)
    inflection (1.0.0)
    jmespath (1.3.1)
    json (1.8.3)
    memcache-client (1.8.5)
    mime-types (2.99.2)
    mini_portile2 (2.1.0)
    multipart-post (2.0.0)
    mysql2 (0.4.10)
    net-ldap (0.12.1)
    nokogiri (1.6.8)
      mini_portile2 (~> 2.1.0)
      pkg-config (~> 1.1.7)
    ox (2.4.4)
    parse-cron (0.1.4)
    pkg-config (1.1.7)
    polyglot (0.3.5)
    rack (1.6.4)
    rack-protection (1.5.3)
      rack
    scrub_rb (1.0.1)
    sequel (4.38.0)
    sinatra (1.4.7)
      rack (~> 1.5)
      rack-protection (~> 1.4)
      tilt (>= 1.3, < 3)
    sqlite3 (1.3.11)
    systemu (2.6.5)
    thin (1.7.0)
      daemons (~> 1.0, >= 1.0.9)
      eventmachine (~> 1.0, >= 1.0.4)
      rack (>= 1, < 3)
    thor (0.19.1)
    tilt (2.0.5)
    treetop (1.6.8)
      polyglot (~> 0.3)
    trollop (2.1.2)
    uuidtools (2.1.5)
    xml-simple (1.1.5)
    zendesk_api (1.13.4)
      faraday (~> 0.9)
      hashie (>= 1.2, < 4.0, != 3.3.0)
      inflection
      mime-types (~> 2.99)
      multipart-post (~> 2.0)
      scrub_rb (~> 1.0.1)

PLATFORMS
  ruby

DEPENDENCIES
  amazon-ec2
  aws-sdk (~> 2.5)
  azure
  builder
  configparser
  curb
  memcache-client
  mysql2
  net-ldap (< 0.13)
  nokogiri
  ox
  parse-cron
  rack (< 2.0.0)
  sequel
  sinatra
  sqlite3
  thin
  treetop (>= 1.6.3)
  trollop
  uuidtools
  zendesk_api (< 1.14.0)

BUNDLED WITH
   1.16.1
