GEM
  remote: https://rubygems.org/
  specs:
    activesupport (4.2.10)
      i18n (~> 0.7)
      minitest (~> 5.1)
      thread_safe (~> 0.3, >= 0.3.4)
      tzinfo (~> 1.1)
    addressable (2.4.0)
    amazon-ec2 (0.9.17)
      xml-simple (>= 1.0.12)
    aws-sdk (2.11.39)
      aws-sdk-resources (= 2.11.39)
    aws-sdk-core (2.11.39)
      aws-sigv4 (~> 1.0)
      jmespath (~> 1.0)
    aws-sdk-resources (2.11.39)
      aws-sdk-core (= 2.11.39)
    aws-sigv4 (1.0.2)
    azure (0.7.10)
      addressable (~> 2.3)
      azure-core (~> 0.1)
      faraday (~> 0.9)
      faraday_middleware (~> 0.10)
      mime-types (>= 1, < 4.0)
      nokogiri (~> 1.6)
      systemu (~> 2.6)
      thor (~> 0.19)
    azure-core (0.1.14)
      faraday (~> 0.9)
      faraday_middleware (~> 0.10)
      nokogiri (~> 1.6)
    builder (3.2.3)
    concurrent-ruby (1.1.3)
    configparser (0.1.7)
    curb (0.9.4)
    daemons (1.2.6)
    eventmachine (1.2.5)
    faraday (0.15.0)
      multipart-post (>= 1.2, < 3)
    faraday_middleware (0.12.2)
      faraday (>= 0.7.4, < 1.0)
    hashie (3.5.7)
    highline (1.7.10)
    i18n (0.9.5)
      concurrent-ruby (~> 1.0)
    inflection (1.0.0)
    jmespath (1.4.0)
    memcache-client (1.8.5)
    mime-types (2.99.3)
    mini_portile2 (2.1.0)
    minitest (5.11.3)
    multipart-post (2.0.0)
    mysql2 (0.4.10)
    net-ldap (0.12.1)
    nokogiri (1.6.8.1)
      mini_portile2 (~> 2.1.0)
    ox (2.9.2)
    parse-cron (0.1.4)
    polyglot (0.3.5)
    rack (1.6.10)
    rack-protection (1.5.5)
      rack
    scrub_rb (1.0.1)
    sequel (5.7.1)
    sinatra (1.4.8)
      rack (~> 1.5)
      rack-protection (~> 1.4)
      tilt (>= 1.3, < 3)
    sqlite3 (1.3.13)
    systemu (2.6.5)
    thin (1.7.2)
      daemons (~> 1.0, >= 1.0.9)
      eventmachine (~> 1.0, >= 1.0.4)
      rack (>= 1, < 3)
    thor (0.20.0)
    thread_safe (0.3.6)
    tilt (2.0.8)
    treetop (1.6.10)
      polyglot (~> 0.3)
    trollop (2.1.2)
    tzinfo (1.2.5)
      thread_safe (~> 0.1)
    uuidtools (2.1.5)
    xml-simple (1.1.5)
    zendesk_api (1.16.0)
      faraday (~> 0.9)
      hashie (>= 3.5.2, < 4.0.0)
      inflection
      mime-types
      multipart-post (~> 2.0)

PLATFORMS
  ruby

DEPENDENCIES
  activesupport (~> 4.2)
  amazon-ec2
  aws-sdk (~> 2.5)
  azure
  builder
  configparser
  curb
  faraday (~> 0.15)
  faraday_middleware (~> 0.12)
  highline (~> 1.7)
  i18n (~> 0.9)
  memcache-client
  mysql2
  net-ldap
  nokogiri
  ox
  parse-cron
  rack (< 2.0.0)
  scrub_rb
  sequel
  sinatra
  sqlite3
  thin
  treetop (>= 1.6.3)
  trollop
  uuidtools
  zendesk_api

BUNDLED WITH
   1.17.1
